Brain Vision Data Exchange Header File Version 1.0
; Data created by the Vision Recorder

[Common Infos]
Codepage=UTF-8
DataFile=N400_dataset_14.eeg
MarkerFile=N400_dataset_14.vmrk
DataFormat=BINARY
; Data orientation: MULTIPLEXED=ch1,pt1, ch2,pt1 ...
DataOrientation=MULTIPLEXED
NumberOfChannels=16
; Sampling interval in microseconds
SamplingInterval=2000

[Binary Infos]
BinaryFormat=IEEE_FLOAT_32

[Channel Infos]
; Each entry: Ch<Channel number>=<Name>,<Reference channel name>,
; <Resolution in "Unit">,<Unit>, Future extensions..
; Fields are delimited by commas, some fields might be omitted (empty).
; Commas in channel names are coded as "\1".
Ch1=Fp1,,0.0488281,µV
Ch2=F3,,0.0488281,µV
Ch3=F7,,0.0488281,µV
Ch4=C3,,0.0488281,µV
Ch5=P3,,0.0488281,µV
Ch6=TP9,,0.0488281,µV
Ch7=Fz,,0.0488281,µV
Ch8=Cz,,0.0488281,µV
Ch9=Fp2,,0.0488281,µV
Ch10=F4,,0.0488281,µV
Ch11=F8,,0.0488281,µV
Ch12=C4,,0.0488281,µV
Ch13=P4,,0.0488281,µV
Ch14=TP10,,0.0488281,µV
Ch15=Pz,,0.0488281,µV
Ch16=Oz,,0.0488281,µV

[Comment]

BrainVision Recorder Professional   -   V. 1.20.0601


A m p l i f i e r  S e t u p
============================
Number of channels: 16
Sampling Rate [Hz]: 500
Sampling Interval [µS]: 2000

Channels
--------
#     Name      Phys. Chn.    Resolution / Unit   Low Cutoff [s]   High Cutoff [Hz]   Notch [Hz]    Gradient         Offset
1     Fp1         1          0.0488281 µV             DC                0              Off
2     F3          2          0.0488281 µV             DC                0              Off
3     F7          3          0.0488281 µV             DC                0              Off
4     C3          4          0.0488281 µV             DC                0              Off
5     P3          5          0.0488281 µV             DC                0              Off
6     TP9         6          0.0488281 µV             DC                0              Off
7     Fz          7          0.0488281 µV             DC                0              Off
8     Cz          8          0.0488281 µV             DC                0              Off
9     Fp2         9          0.0488281 µV             DC                0              Off
10    F4          10         0.0488281 µV             DC                0              Off
11    F8          11         0.0488281 µV             DC                0              Off
12    C4          12         0.0488281 µV             DC                0              Off
13    P4          13         0.0488281 µV             DC                0              Off
14    TP10        14         0.0488281 µV             DC                0              Off
15    Pz          15         0.0488281 µV             DC                0              Off
16    Oz          16         0.0488281 µV             DC                0              Off

Invert AUX Channel Polarity = No

S o f t w a r e  F i l t e r s
==============================
#     Low Cutoff [s]   High Cutoff [Hz]   Notch [Hz]
1      15.9155          80                 Off
2      15.9155          80                 Off
3      15.9155          80                 Off
4      15.9155          80                 Off
5      15.9155          80                 Off
6      15.9155          80                 Off
7      15.9155          80                 Off
8      15.9155          80                 Off
9      15.9155          80                 Off
10     15.9155          80                 Off
11     15.9155          80                 Off
12     15.9155          80                 Off
13     15.9155          80                 Off
14     15.9155          80                 Off
15     15.9155          80                 Off
16     15.9155          80                 Off


No impedance values available at 10:37:08!

Invert AUX Channel Polarity = No

Invert AUX Channel Polarity = No
