{
    "Modality": "MR",
    "MagneticFieldStrength": 3,
    "Manufacturer": "Siemens",
    "ManufacturersModelName": "Trio",
    "InstitutionName": "",
    "DeviceSerialNumber": "",
    "StationName": "",
    "BodyPartExamined": "BRAIN",
    "PatientPosition": "HFS",
    "ProcedureStepDescription": "",
    "SoftwareVersions": "",
    "MRAcquisitionType": "3D",
    "SeriesDescription": "T1w",
    "ProtocolName": "T1w",
    "ScanningSequence": "GR\\IR",
    "SequenceVariant": "SK\\SP\\MP",
    "ScanOptions": "IR",
    "SequenceName": "",
    "ImageType": ["ORIGINAL", "PRIMARY", "M", "ND", "NORM"],
    "SeriesNumber": 1,
    "AcquisitionTime": "",
    "AcquisitionNumber": 1,
    "SliceThickness": 1,
    "SAR": 0.1,
    "EchoTime": 0.00456,
    "RepetitionTime": 2.3,
    "InversionTime": 0.9,
    "FlipAngle": 8,
    "PartialFourier": 1,
    "BaseResolution": 256,
    "ShimSetting": [],
    "TxRefAmp": 0,
    "PhaseResolution": 1,
    "ReceiveCoilName": "HeadNeck_64",
    "ReceiveCoilActiveElements": "",
    "CoilString": "",
    "PulseSequenceDetails": "",
    "RefLinesPE": 0,
    "ConsistencyInfo": "",
    "PercentPhaseFOV": 100,
    "PhaseEncodingSteps": 256,
    "AcquisitionMatrixPE": 256,
    "ReconMatrixPE": 256,
    "PixelBandwidth": 150,
    "DwellTime": 0,
    "ImageOrientationPatientDICOM": [0, 1, 0, 0, 0, -1],
    "InPlanePhaseEncodingDirectionDICOM": "COL",
    "ConversionSoftware": "dcm2niix",
    "ConversionSoftwareVersion": "v1.0.20211006"
}
