{
    "Modality": "MR",
    "MagneticFieldStrength": 3,
    "Manufacturer": "Siemens",
    "ManufacturersModelName": "Trio",
    "TaskName": "Motion Localizer",
    "RepetitionTime": 2.0,
    "EchoTime": 0.03,
    "FlipAngle": 90,
    "SliceTiming": [],
    "SliceEncodingDirection": "k",
    "PhaseEncodingDirection": "j",
    "EffectiveEchoSpacing": 0.00051,
    "TotalReadoutTime": 0.0459,
    "PartialFourier": 1,
    "PhaseEncodingSteps": 90,
    "AcquisitionMatrixPE": 90,
    "ReconMatrixPE": 90,
    "PixelBandwidth": 2232,
    "NumberOfVolumesDiscardedByScanner": 0,
    "NumberOfVolumesDiscardedByUser": 0
}
